PATH
  remote: .
  specs:
    visual_array (0.1.0)

GEM
  remote: https://rubygems.org/
  specs:
    date (3.4.1)
    diff-lcs (1.6.0)
    io-console (0.8.0)
    irb (1.15.1)
      pp (>= 0.6.0)
      rdoc (>= 4.0.0)
      reline (>= 0.4.2)
    pp (0.6.2)
      prettyprint
    prettyprint (0.2.0)
    psych (5.2.3)
      date
      stringio
    rainbow (3.1.1)
    rake (13.2.1)
    rdoc (6.12.0)
      psych (>= 4.0.0)
    reline (0.6.0)
      io-console (~> 0.5)
    rspec (3.13.0)
      rspec-core (~> 3.13.0)
      rspec-expectations (~> 3.13.0)
      rspec-mocks (~> 3.13.0)
    rspec-core (3.13.3)
      rspec-support (~> 3.13.0)
    rspec-expectations (3.13.3)
      diff-lcs (>= 1.2.0, < 2.0)
      rspec-support (~> 3.13.0)
    rspec-mocks (3.13.2)
      diff-lcs (>= 1.2.0, < 2.0)
      rspec-support (~> 3.13.0)
    rspec-support (3.13.2)
    stringio (3.1.5)
    terminal-table (4.0.0)
      unicode-display_width (>= 1.1.1, < 4)
    unicode-display_width (3.1.4)
      unicode-emoji (~> 4.0, >= 4.0.4)
    unicode-emoji (4.0.4)

PLATFORMS
  ruby
  x86_64-darwin-24

DEPENDENCIES
  irb
  rainbow (~> 3.1)
  rake (~> 13.0)
  rspec (~> 3.13)
  terminal-table (~> 4.0)
  visual_array!

BUNDLED WITH
   2.6.5
